PATH
  remote: ../..
  specs:
    kirei (0.8.2)
      logger (~> 1.5)
      oj (~> 3.0)
      pg (~> 1.0)
      rack (~> 3.0)
      sequel (~> 5.0)
      sequel_pg (~> 1.0)
      sorbet-runtime (~> 0.5)
      statsd-instrument (~> 3.0)
      tzinfo-data (~> 1.0)
      zeitwerk (~> 2.5)

GEM
  remote: https://rubygems.org/
  specs:
    amazing_print (1.6.0)
    bigdecimal (3.1.9)
    byebug (11.1.3)
    concurrent-ruby (1.3.5)
    erubi (1.13.1)
    logger (1.7.0)
    netrc (0.11.0)
    nio4r (2.7.3)
    oj (3.16.10)
      bigdecimal (>= 3.0)
      ostruct (>= 0.2)
    ostruct (0.6.1)
    parallel (1.24.0)
    pg (1.5.9)
    prettier_print (1.2.1)
    prism (0.24.0)
    puma (6.4.2)
      nio4r (~> 2.0)
    rack (3.1.15)
    rake (13.1.0)
    rbi (0.1.9)
      prism (>= 0.18.0, < 0.25)
      sorbet-runtime (>= 0.5.9204)
    sequel (5.92.0)
      bigdecimal
    sequel_pg (1.17.2)
      pg (>= 0.18.0, != 1.2.0)
      sequel (>= 4.38.0)
    sorbet (0.5.12124)
      sorbet-static (= 0.5.12124)
    sorbet-runtime (0.5.12124)
    sorbet-static (0.5.12124-aarch64-linux)
    sorbet-static (0.5.12124-universal-darwin)
    sorbet-static (0.5.12124-x86_64-linux)
    sorbet-static-and-runtime (0.5.12124)
      sorbet (= 0.5.12124)
      sorbet-runtime (= 0.5.12124)
    spoom (1.2.4)
      erubi (>= 1.10.0)
      sorbet-static-and-runtime (>= 0.5.10187)
      syntax_tree (>= 6.1.1)
      thor (>= 0.19.2)
    statsd-instrument (3.9.9)
    syntax_tree (6.2.0)
      prettier_print (>= 1.2.0)
    tapioca (0.12.0)
      bundler (>= 2.2.25)
      netrc (>= 0.11.0)
      parallel (>= 1.21.0)
      rbi (>= 0.1.4, < 0.2)
      sorbet-static-and-runtime (>= 0.5.10820)
      spoom (~> 1.2.0, >= 1.2.0)
      thor (>= 1.2.0)
      yard-sorbet
    thor (1.3.2)
    tzinfo (2.0.6)
      concurrent-ruby (~> 1.0)
    tzinfo-data (1.2025.2)
      tzinfo (>= 1.0.0)
    yard (0.9.36)
    yard-sorbet (0.8.1)
      sorbet-runtime (>= 0.5)
      yard (>= 0.9)
    zeitwerk (2.7.3)

PLATFORMS
  aarch64-linux
  universal-darwin
  x86_64-linux

DEPENDENCIES
  amazing_print
  bundler
  byebug
  kirei!
  logger
  puma
  rake
  sorbet
  spoom
  tapioca

BUNDLED WITH
   2.5.6
