PATH
  remote: ../..
  specs:
    kirei (0.4.1)
      oj (~> 3.0)
      pg (~> 1.0)
      puma (~> 6.0)
      rack (~> 3.0)
      sequel (~> 5.0)
      sequel_pg (~> 1.0)
      sorbet-runtime (~> 0.5)
      statsd-instrument (~> 3.0)
      tzinfo-data (~> 1.0)
      zeitwerk (~> 2.5)

GEM
  remote: https://rubygems.org/
  specs:
    amazing_print (1.6.0)
    bigdecimal (3.1.8)
    byebug (11.1.3)
    concurrent-ruby (1.3.3)
    erubi (1.12.0)
    netrc (0.11.0)
    nio4r (2.7.3)
    oj (3.16.4)
      bigdecimal (>= 3.0)
    parallel (1.24.0)
    pg (1.5.6)
    prettier_print (1.2.1)
    prism (0.24.0)
    puma (6.4.2)
      nio4r (~> 2.0)
    rack (3.0.11)
    rake (13.1.0)
    rbi (0.1.9)
      prism (>= 0.18.0, < 0.25)
      sorbet-runtime (>= 0.5.9204)
    sequel (5.81.0)
      bigdecimal
    sequel_pg (1.17.1)
      pg (>= 0.18.0, != 1.2.0)
      sequel (>= 4.38.0)
    sorbet (0.5.11287)
      sorbet-static (= 0.5.11287)
    sorbet-runtime (0.5.11287)
    sorbet-static (0.5.11287-aarch64-linux)
    sorbet-static (0.5.11287-universal-darwin)
    sorbet-static (0.5.11287-x86_64-linux)
    sorbet-static-and-runtime (0.5.11287)
      sorbet (= 0.5.11287)
      sorbet-runtime (= 0.5.11287)
    spoom (1.2.4)
      erubi (>= 1.10.0)
      sorbet-static-and-runtime (>= 0.5.10187)
      syntax_tree (>= 6.1.1)
      thor (>= 0.19.2)
    statsd-instrument (3.7.0)
    syntax_tree (6.2.0)
      prettier_print (>= 1.2.0)
    tapioca (0.12.0)
      bundler (>= 2.2.25)
      netrc (>= 0.11.0)
      parallel (>= 1.21.0)
      rbi (>= 0.1.4, < 0.2)
      sorbet-static-and-runtime (>= 0.5.10820)
      spoom (~> 1.2.0, >= 1.2.0)
      thor (>= 1.2.0)
      yard-sorbet
    thor (1.3.1)
    tzinfo (2.0.6)
      concurrent-ruby (~> 1.0)
    tzinfo-data (1.2024.1)
      tzinfo (>= 1.0.0)
    yard (0.9.36)
    yard-sorbet (0.8.1)
      sorbet-runtime (>= 0.5)
      yard (>= 0.9)
    zeitwerk (2.6.15)

PLATFORMS
  aarch64-linux
  universal-darwin
  x86_64-linux

DEPENDENCIES
  amazing_print
  bundler
  byebug
  kirei!
  rake
  sorbet
  spoom
  tapioca

RUBY VERSION
   ruby 3.3.1p55

BUNDLED WITH
   2.5.6
