PATH
  remote: .
  specs:
    kirei (0.6.3)
      oj (~> 3.0)
      pg (~> 1.0)
      rack (~> 3.0)
      sequel (~> 5.0)
      sequel_pg (~> 1.0)
      sorbet-runtime (~> 0.5)
      statsd-instrument (~> 3.0)
      tzinfo-data (~> 1.0)
      zeitwerk (~> 2.5)

GEM
  remote: https://rubygems.org/
  specs:
    amazing_print (1.6.0)
    ast (2.4.2)
    benchmark (0.4.0)
    bigdecimal (3.1.8)
    byebug (11.1.3)
    concurrent-ruby (1.2.3)
    diff-lcs (1.5.1)
    dotenv (3.1.2)
    erubi (1.12.0)
    json (2.7.2)
    language_server-protocol (3.17.0.3)
    logger (1.6.5)
    netrc (0.11.0)
    oj (3.16.3)
      bigdecimal (>= 3.0)
    parallel (1.24.0)
    parser (3.3.1.0)
      ast (~> 2.4.1)
      racc
    pg (1.5.6)
    prism (0.29.0)
    racc (1.7.3)
    rack (3.0.11)
    rainbow (3.1.1)
    rbi (0.1.13)
      prism (>= 0.18.0, < 1.0.0)
      sorbet-runtime (>= 0.5.9204)
    regexp_parser (2.9.2)
    rexml (3.3.7)
    rspec (3.13.0)
      rspec-core (~> 3.13.0)
      rspec-expectations (~> 3.13.0)
      rspec-mocks (~> 3.13.0)
    rspec-core (3.13.0)
      rspec-support (~> 3.13.0)
    rspec-expectations (3.13.0)
      diff-lcs (>= 1.2.0, < 2.0)
      rspec-support (~> 3.13.0)
    rspec-mocks (3.13.1)
      diff-lcs (>= 1.2.0, < 2.0)
      rspec-support (~> 3.13.0)
    rspec-support (3.13.1)
    rubocop (1.63.5)
      json (~> 2.3)
      language_server-protocol (>= 3.17.0)
      parallel (~> 1.10)
      parser (>= 3.3.0.2)
      rainbow (>= 2.2.2, < 4.0)
      regexp_parser (>= 1.8, < 3.0)
      rexml (>= 3.2.5, < 4.0)
      rubocop-ast (>= 1.31.1, < 2.0)
      ruby-progressbar (~> 1.7)
      unicode-display_width (>= 2.4.0, < 3.0)
    rubocop-ast (1.31.3)
      parser (>= 3.3.1.0)
    rubocop-capybara (2.20.0)
      rubocop (~> 1.41)
    rubocop-dbl (2.1.2)
      rubocop (~> 1)
      rubocop-ast (~> 1)
      rubocop-packaging (~> 0.5)
      rubocop-performance (~> 1)
      rubocop-rspec (~> 2)
      rubocop-sorbet (~> 0.6)
    rubocop-factory_bot (2.25.1)
      rubocop (~> 1.41)
    rubocop-packaging (0.5.2)
      rubocop (>= 1.33, < 2.0)
    rubocop-performance (1.21.0)
      rubocop (>= 1.48.1, < 2.0)
      rubocop-ast (>= 1.31.1, < 2.0)
    rubocop-rspec (2.29.2)
      rubocop (~> 1.40)
      rubocop-capybara (~> 2.17)
      rubocop-factory_bot (~> 2.22)
      rubocop-rspec_rails (~> 2.28)
    rubocop-rspec_rails (2.28.3)
      rubocop (~> 1.40)
    rubocop-sorbet (0.8.3)
      rubocop (>= 0.90.0)
    ruby-progressbar (1.13.0)
    sequel (5.80.0)
      bigdecimal
    sequel_pg (1.17.1)
      pg (>= 0.18.0, != 1.2.0)
      sequel (>= 4.38.0)
    sorbet (0.5.11385)
      sorbet-static (= 0.5.11385)
    sorbet-runtime (0.5.11385)
    sorbet-static (0.5.11385-aarch64-linux)
    sorbet-static (0.5.11385-universal-darwin)
    sorbet-static (0.5.11385-x86_64-linux)
    sorbet-static-and-runtime (0.5.11385)
      sorbet (= 0.5.11385)
      sorbet-runtime (= 0.5.11385)
    spoom (1.3.2)
      erubi (>= 1.10.0)
      prism (>= 0.19.0)
      sorbet-static-and-runtime (>= 0.5.10187)
      thor (>= 0.19.2)
    statsd-instrument (3.7.0)
    tapioca (0.14.2)
      bundler (>= 2.2.25)
      netrc (>= 0.11.0)
      parallel (>= 1.21.0)
      rbi (>= 0.1.4, < 0.2)
      sorbet-static-and-runtime (>= 0.5.11087)
      spoom (>= 1.2.0)
      thor (>= 1.2.0)
      yard-sorbet
    thor (1.3.1)
    tzinfo (2.0.6)
      concurrent-ruby (~> 1.0)
    tzinfo-data (1.2024.1)
      tzinfo (>= 1.0.0)
    unicode-display_width (2.5.0)
    yard (0.9.36)
    yard-sorbet (0.8.1)
      sorbet-runtime (>= 0.5)
      yard (>= 0.9)
    zeitwerk (2.6.14)

PLATFORMS
  aarch64-linux
  universal-darwin
  x86_64-linux

DEPENDENCIES
  amazing_print
  benchmark
  bundler
  byebug
  dotenv
  kirei!
  logger
  rspec
  rubocop-dbl (~> 2)
  sorbet
  spoom
  tapioca

BUNDLED WITH
   2.5.9
